GEM
  remote: https://rubygems.org/
  specs:
    json (2.6.1)

PLATFORMS
  x86_64-linux

DEPENDENCIES
  json

BUNDLED WITH
   2.2.33
